PATH
  remote: .
  specs:
    opus (0.1.0)
      commander (~> 4.1.5)
      prawn (~> 0.13.0)

GEM
  remote: https://rubygems.org/
  specs:
    Ascii85 (1.0.2)
    afm (0.2.0)
    commander (4.1.5)
      highline (~> 1.6.11)
    hashery (2.1.1)
    highline (1.6.20)
    metaclass (0.0.1)
    minitest (5.2.0)
    mocha (0.14.0)
      metaclass (~> 0.0.1)
    pdf-reader (1.3.3)
      Ascii85 (~> 1.0.0)
      afm (~> 0.2.0)
      hashery (~> 2.0)
      ruby-rc4
      ttfunk
    prawn (0.13.0)
      afm
      pdf-reader (~> 1.2)
      ruby-rc4
      ttfunk (~> 1.0.3)
    rake (10.0.4)
    ruby-rc4 (0.1.5)
    ttfunk (1.0.3)

PLATFORMS
  ruby

DEPENDENCIES
  minitest (~> 5.2.0)
  mocha (~> 0.14.0)
  opus!
  rake (~> 10.0.3)
